GEM
  remote: https://rubygems.org/
  specs:
    phlex (2.3.1)
      zeitwerk (~> 2.7)
    phlexite (0.1.3)
    zeitwerk (2.7.3)

PLATFORMS
  ruby
  x86_64-linux

DEPENDENCIES
  phlex (~> 2.3)
  phlexite (~> 0.1.3)

BUNDLED WITH
   2.6.9
